PATH
  remote: .
  specs:
    rubymotiongraphics (0.0.1)

GEM
  remote: https://rubygems.org/
  specs:
    rake (10.3.1)

PLATFORMS
  ruby

DEPENDENCIES
  bundler (~> 1.6)
  rake
  rubymotiongraphics!
